GEM
  remote: https://rubygems.org/
  specs:
    equatable (0.5.0)
    pastel (0.7.1)
      equatable (~> 0.5.0)
      tty-color (~> 0.4.0)
    tty-color (0.4.2)

PLATFORMS
  ruby

DEPENDENCIES
  pastel

BUNDLED WITH
   1.15.4
